GEM
  remote: https://rubygems.org/
  specs:
    activesupport (5.2.1)
      concurrent-ruby (~> 1.0, >= 1.0.2)
      i18n (>= 0.7, < 2)
      minitest (~> 5.1)
      tzinfo (~> 1.1)
    ast (2.4.0)
    coderay (1.1.2)
    concurrent-ruby (1.0.5)
    dark_finger (0.5.0)
      rubocop (>= 0.51.0)
    i18n (1.1.0)
      concurrent-ruby (~> 1.0)
    jaro_winkler (1.5.2)
    method_source (0.9.0)
    minitest (5.11.3)
    parallel (1.17.0)
    parser (2.6.3.0)
      ast (~> 2.4.0)
    pry (0.11.3)
      coderay (~> 1.1.0)
      method_source (~> 0.9.0)
    rainbow (3.0.0)
    rake (12.3.1)
    rubocop (0.71.0)
      jaro_winkler (~> 1.5.1)
      parallel (~> 1.10)
      parser (>= 2.6)
      rainbow (>= 2.2.2, < 4.0)
      ruby-progressbar (~> 1.7)
      unicode-display_width (>= 1.4.0, < 1.7)
    rubocop-github (0.10.0)
      rubocop (~> 0.51)
    rubocop-migrations (0.1.2)
      rubocop (~> 0.41)
    rubocop-performance (1.3.0)
      rubocop (>= 0.68.0)
    rubocop-rspec (1.29.1)
      rubocop (>= 0.58.0)
    ruby-progressbar (1.10.1)
    safe_yaml (1.0.4)
    thread_safe (0.3.6)
    tzinfo (1.2.5)
      thread_safe (~> 0.1)
    unicode-display_width (1.6.0)
    yard (0.9.16)

PLATFORMS
  ruby

DEPENDENCIES
  activesupport
  dark_finger
  parser (= 2.6.3.0)
  pry
  rake
  rubocop (= 0.71.0)
  rubocop-github (= 0.10.0)
  rubocop-migrations (= 0.1.2)
  rubocop-performance (= 1.3)
  rubocop-rspec (= 1.29.1)
  safe_yaml
  yard

BUNDLED WITH
   2.0.1
